GIT
  remote: git://github.com/ffi/ffi.git
  revision: 24cf4c983b1e31f279a96855897cdd47cb3909df
  specs:
    ffi (1.4.0)

GIT
  remote: git://github.com/nurse/mspec.git
  revision: 252dea85943ca86d6c93b9dd4cb65c9c85b3c024
  branch: ruby
  specs:
    mspec (1.5.18)

GEM
  remote: https://rubygems.org/
  specs:

PLATFORMS
  ruby

DEPENDENCIES
  ffi!
  mspec!
